GEM
  remote: http://rubygems.org/
  specs:
    power_assert (1.1.3)
    test-unit (3.2.8)
      power_assert

PLATFORMS
  ruby

DEPENDENCIES
  test-unit (~> 3.2)

BUNDLED WITH
   1.16.2
